GEM
  remote: https://rubygems.org/
  specs:
    faraday (0.9.2)
      multipart-post (>= 1.2, < 3)
    highline (1.7.8)
    librarian (0.1.2)
      highline
      thor (~> 0.15)
    librarian-ansible (1.0.6)
      faraday
      librarian (~> 0.1.0)
    multipart-post (2.0.0)
    thor (0.19.1)

PLATFORMS
  ruby

DEPENDENCIES
  librarian-ansible (~> 1.0.6)

BUNDLED WITH
   1.10.6
